PATH
  remote: .
  specs:
    chef-dk (2.4.12)
      addressable (>= 2.3.5, < 2.6)
      chef (~> 13.0)
      chef-provisioning (~> 2.0)
      cookbook-omnifetch (~> 0.5)
      diff-lcs (~> 1.0)
      ffi-yajl (>= 1.0, < 3.0)
      minitar (~> 0.5.4)
      mixlib-cli (~> 1.7)
      mixlib-shellout (~> 2.0)
      paint (~> 1.0)
      solve (> 2.0, < 5.0)

GEM
  remote: https://rubygems.org/
  specs:
    activesupport (5.1.4)
      concurrent-ruby (~> 1.0, >= 1.0.2)
      i18n (~> 0.7)
      minitest (~> 5.1)
      tzinfo (~> 1.1)
    addressable (2.5.2)
      public_suffix (>= 2.0.2, < 4.0)
    app_conf (0.4.2)
    appbundler (0.10.0)
      mixlib-cli (~> 1.4)
    artifactory (2.8.2)
    ast (2.3.0)
    aws-sdk (2.10.85)
      aws-sdk-resources (= 2.10.85)
    aws-sdk-core (2.10.85)
      aws-sigv4 (~> 1.0)
      jmespath (~> 1.0)
    aws-sdk-resources (2.10.85)
      aws-sdk-core (= 2.10.85)
    aws-sigv4 (1.0.2)
    axiom-types (0.1.1)
      descendants_tracker (~> 0.0.4)
      ice_nine (~> 0.11.0)
      thread_safe (~> 0.3, >= 0.3.1)
    backports (3.10.3)
    berkshelf (6.3.1)
      buff-config (~> 2.0)
      buff-extensions (~> 2.0)
      chef (>= 12.7.2)
      cleanroom (~> 1.0)
      concurrent-ruby (~> 1.0)
      faraday (~> 0.9)
      httpclient (~> 2.7)
      minitar (~> 0.5, >= 0.5.4)
      mixlib-archive (~> 0.4)
      mixlib-shellout (~> 2.0)
      octokit (~> 4.0)
      retryable (~> 2.0)
      ridley (~> 5.0)
      solve (~> 4.0)
      thor (~> 0.19, < 0.19.2)
    binding_of_caller (0.7.3)
      debug_inspector (>= 0.0.1)
    buff-config (2.0.0)
      buff-extensions (~> 2.0)
      varia_model (~> 0.6)
    buff-extensions (2.0.0)
    buff-ignore (1.2.0)
    buff-ruby_engine (1.0.0)
    buff-shell_out (1.1.0)
      buff-ruby_engine (~> 1.0)
    builder (3.2.3)
    byebug (9.1.0)
    celluloid (0.16.0)
      timers (~> 4.0.0)
    celluloid-io (0.16.2)
      celluloid (>= 0.16.0)
      nio4r (>= 1.1.0)
    chef (13.6.4)
      addressable
      bundler (>= 1.10)
      chef-config (= 13.6.4)
      chef-zero (>= 13.0)
      diff-lcs (~> 1.2, >= 1.2.4)
      erubis (~> 2.7)
      ffi-yajl (~> 2.2)
      highline (~> 1.6, >= 1.6.9)
      iniparse (~> 1.4)
      iso8601 (~> 0.9.1)
      mixlib-archive (~> 0.4)
      mixlib-authentication (~> 1.4)
      mixlib-cli (~> 1.7)
      mixlib-log (~> 1.3)
      mixlib-shellout (~> 2.0)
      net-sftp (~> 2.1, >= 2.1.2)
      net-ssh (>= 2.9, < 5.0)
      net-ssh-multi (~> 1.2, >= 1.2.1)
      ohai (~> 13.0)
      plist (~> 3.2)
      proxifier (~> 1.0)
      rspec-core (~> 3.5)
      rspec-expectations (~> 3.5)
      rspec-mocks (~> 3.5)
      rspec_junit_formatter (~> 0.2.0)
      serverspec (~> 2.7)
      specinfra (~> 2.10)
      syslog-logger (~> 1.6)
      uuidtools (~> 2.1.5)
    chef (13.6.4-universal-mingw32)
      addressable
      bundler (>= 1.10)
      chef-config (= 13.6.4)
      chef-zero (>= 13.0)
      diff-lcs (~> 1.2, >= 1.2.4)
      erubis (~> 2.7)
      ffi (~> 1.9)
      ffi-yajl (~> 2.2)
      highline (~> 1.6, >= 1.6.9)
      iniparse (~> 1.4)
      iso8601 (~> 0.9.1)
      mixlib-archive (~> 0.4)
      mixlib-authentication (~> 1.4)
      mixlib-cli (~> 1.7)
      mixlib-log (~> 1.3)
      mixlib-shellout (~> 2.0)
      net-sftp (~> 2.1, >= 2.1.2)
      net-ssh (>= 2.9, < 5.0)
      net-ssh-multi (~> 1.2, >= 1.2.1)
      ohai (~> 13.0)
      plist (~> 3.2)
      proxifier (~> 1.0)
      rspec-core (~> 3.5)
      rspec-expectations (~> 3.5)
      rspec-mocks (~> 3.5)
      rspec_junit_formatter (~> 0.2.0)
      serverspec (~> 2.7)
      specinfra (~> 2.10)
      syslog-logger (~> 1.6)
      uuidtools (~> 2.1.5)
      win32-api (~> 1.5.3)
      win32-dir (~> 0.5.0)
      win32-event (~> 0.6.1)
      win32-eventlog (= 0.6.3)
      win32-mmap (~> 0.4.1)
      win32-mutex (~> 0.4.2)
      win32-process (~> 0.8.2)
      win32-service (~> 0.8.7)
      windows-api (~> 0.4.4)
      wmi-lite (~> 1.0)
    chef-api (0.7.1)
      logify (~> 0.1)
      mime-types
    chef-config (13.6.4)
      addressable
      fuzzyurl
      mixlib-config (~> 2.0)
      mixlib-shellout (~> 2.0)
    chef-provisioning (2.6.0)
      cheffish (>= 4.0, < 14.0)
      inifile (>= 2.0.2)
      mixlib-install (>= 1.0)
      net-scp (~> 1.0)
      net-ssh (>= 2.9, < 5.0)
      net-ssh-gateway (> 1.2, < 3.0)
      winrm (~> 2.0)
      winrm-elevated (~> 1.0)
      winrm-fs (~> 1.0)
    chef-provisioning-aws (3.0.0.pre.rc2)
      aws-sdk (>= 2.2.18, < 3.0)
      chef-provisioning (>= 1.0, < 3.0)
      retryable (~> 2.0, >= 2.0.1)
      ubuntu_ami (~> 0.4, >= 0.4.1)
    chef-provisioning-azure (0.6.0)
      chef-provisioning (>= 1.0, < 3.0)
      stuartpreston-azure-sdk-for-ruby (~> 0.7)
    chef-provisioning-fog (0.26.0)
      chef-provisioning (>= 1.0, < 3.0)
      cheffish (>= 13.1.0, < 14.0)
      fog-digitalocean
      fog-joyent
      fog-openstack
      fog-rackspace
      fog-scaleway
      fog-softlayer
      fog-xenserver
      retryable
      winrm-elevated
    chef-sugar (3.6.0)
    chef-vault (3.3.0)
    chef-zero (13.1.0)
      ffi-yajl (~> 2.2)
      hashie (>= 2.0, < 4.0)
      mixlib-log (~> 1.3)
      rack (~> 2.0)
      uuidtools (~> 2.1)
    cheffish (13.1.0)
      chef-zero (~> 13.0)
      net-ssh
    chefspec (7.1.0)
      chef (>= 12.14.89)
      fauxhai (>= 4, < 6)
      rspec (~> 3.0)
    chefstyle (0.6.0)
      rubocop (= 0.49.1)
    cleanroom (1.0.0)
    coderay (1.1.2)
    coercible (1.0.0)
      descendants_tracker (~> 0.0.1)
    concurrent-ruby (1.0.5)
    cookbook-omnifetch (0.8.0)
      mixlib-archive (~> 0.4)
    cookstyle (2.1.0)
      rubocop (= 0.49.1)
    cucumber (3.0.2)
      builder (>= 2.1.2)
      cucumber-core (~> 3.0.0)
      cucumber-expressions (~> 4.0.3)
      cucumber-wire (~> 0.0.1)
      diff-lcs (~> 1.3)
      gherkin (~> 4.0)
      multi_json (>= 1.7.5, < 2.0)
      multi_test (>= 0.1.2)
    cucumber-core (3.0.0)
      backports (>= 3.8.0)
      cucumber-tag_expressions (>= 1.0.1)
      gherkin (>= 4.1.3)
    cucumber-expressions (4.0.4)
    cucumber-tag_expressions (1.0.1)
    cucumber-wire (0.0.1)
    dco (1.0.1)
      git (~> 1.3)
      thor (~> 0.19)
    debug_inspector (0.0.3)
    dep-selector-libgecode (1.3.1)
    dep_selector (1.0.6)
      dep-selector-libgecode (~> 1.0)
      ffi (~> 1.9)
    descendants_tracker (0.0.4)
      thread_safe (~> 0.3, >= 0.3.1)
    diff-lcs (1.3)
    diffy (3.2.0)
    docker-api (1.34.0)
      excon (>= 0.47.0)
      multi_json
    droplet_kit (2.2.1)
      activesupport (> 3.0, < 6)
      faraday (~> 0.9)
      kartograph (~> 0.2.3)
      resource_kit (~> 0.1.5)
      virtus (~> 1.0.3)
    equalizer (0.0.11)
    erubis (2.7.0)
    excon (0.59.0)
    faraday (0.13.1)
      multipart-post (>= 1.2, < 3)
    fauxhai (5.5.0)
      net-ssh
    ffi (1.9.18)
    ffi (1.9.18-x64-mingw32)
    ffi (1.9.18-x86-mingw32)
    ffi-rzmq (2.0.5)
      ffi-rzmq-core (>= 1.0.6)
    ffi-rzmq-core (1.0.6)
      ffi
    ffi-win32-extensions (1.0.3)
      ffi
    ffi-yajl (2.3.1)
      libyajl2 (~> 1.2)
    fog-aws (1.4.1)
      fog-core (~> 1.38)
      fog-json (~> 1.0)
      fog-xml (~> 0.1)
      ipaddress (~> 0.8)
    fog-core (1.45.0)
      builder
      excon (~> 0.58)
      formatador (~> 0.2)
    fog-digitalocean (0.3.0)
      fog-core (~> 1.42)
      fog-json (>= 1.0)
      fog-xml (>= 0.1)
      ipaddress (>= 0.5)
    fog-joyent (0.0.1)
      fog-core (~> 1.42)
      fog-json (>= 1.0)
    fog-json (1.0.2)
      fog-core (~> 1.0)
      multi_json (~> 1.10)
    fog-openstack (0.1.22)
      fog-core (>= 1.40)
      fog-json (>= 1.0)
      ipaddress (>= 0.8)
    fog-rackspace (0.1.5)
      fog-core (>= 1.35)
      fog-json (>= 1.0)
      fog-xml (>= 0.1)
      ipaddress (>= 0.8)
    fog-scaleway (0.3.0)
      fog-core (~> 1.42)
      fog-json (~> 1.0)
    fog-softlayer (1.1.4)
      fog-core
      fog-json
    fog-xenserver (0.3.0)
      fog-core
      fog-xml
    fog-xml (0.1.3)
      fog-core
      nokogiri (>= 1.5.11, < 2.0.0)
    foodcritic (12.2.1)
      cucumber-core (>= 1.3)
      erubis
      ffi-yajl (~> 2.0)
      nokogiri (>= 1.5, < 2.0)
      rake
      rufus-lru (~> 1.0)
      treetop (~> 1.4)
    formatador (0.2.5)
    fuzzyurl (0.9.0)
    gcewinpass (1.0.0)
      google-api-client (~> 0.9.0)
    gherkin (4.1.3)
    git (1.3.0)
    google-api-client (0.9.28)
      addressable (~> 2.3)
      googleauth (~> 0.5)
      httpclient (~> 2.7)
      hurley (~> 0.1)
      memoist (~> 0.11)
      mime-types (>= 1.6)
      representable (~> 2.3.0)
      retriable (~> 2.0)
    googleauth (0.6.2)
      faraday (~> 0.12)
      jwt (>= 1.4, < 3.0)
      logging (~> 2.0)
      memoist (~> 0.12)
      multi_json (~> 1.11)
      os (~> 0.9)
      signet (~> 0.7)
    gssapi (1.2.0)
      ffi (>= 1.0.1)
    guard (2.14.1)
      formatador (>= 0.2.4)
      listen (>= 2.7, < 4.0)
      lumberjack (~> 1.0)
      nenv (~> 0.1)
      notiffany (~> 0.0)
      pry (>= 0.9.12)
      shellany (~> 0.0)
      thor (>= 0.18.1)
    gyoku (1.3.1)
      builder (>= 2.1.2)
    hashie (3.5.6)
    highline (1.7.8)
    hitimes (1.2.6)
    hitimes (1.2.6-x86-mingw32)
    htmlentities (4.3.4)
    httpclient (2.8.3)
    hurley (0.2)
    i18n (0.9.1)
      concurrent-ruby (~> 1.0)
    ice_nine (0.11.2)
    inifile (3.0.0)
    iniparse (1.4.4)
    inspec (1.45.9)
      addressable (~> 2.4)
      faraday (>= 0.9.0)
      hashie (~> 3.4)
      htmlentities
      json (>= 1.8, < 3.0)
      method_source (~> 0.8)
      mixlib-log
      parallel (~> 1.9)
      parslet (~> 1.5)
      pry (~> 0)
      rainbow (~> 2)
      rspec (~> 3)
      rspec-its (~> 1.2)
      rubyzip (~> 1.1)
      semverse
      sslshake (~> 1.2)
      thor (~> 0.19)
      tomlrb (~> 1.2)
      train (~> 0.29, >= 0.29.1)
    ipaddress (0.8.3)
    iso8601 (0.9.1)
    jmespath (1.3.1)
    json (1.8.6)
    jwt (2.1.0)
    kartograph (0.2.4)
    kitchen-digitalocean (0.9.8)
      droplet_kit (~> 2.2)
      test-kitchen (~> 1.17)
    kitchen-dokken (2.6.5)
      docker-api (~> 1.33)
      lockfile (~> 2.1)
      test-kitchen (~> 1.15)
    kitchen-ec2 (1.3.2)
      aws-sdk (~> 2)
      excon
      multi_json
      retryable (~> 2.0)
      test-kitchen (~> 1.4, >= 1.4.1)
    kitchen-google (1.4.0)
      gcewinpass (~> 1.0)
      google-api-client (~> 0.9.0)
      test-kitchen
    kitchen-hyperv (0.5.1)
      test-kitchen (~> 1.4)
    kitchen-inspec (0.20.0)
      hashie (~> 3.4)
      inspec (>= 0.34.0, < 2.0.0)
      test-kitchen (~> 1.6)
    kitchen-vagrant (1.2.1)
      test-kitchen (~> 1.4)
    knife-cloud (1.2.1)
      chef (>= 0.10.10)
      knife-windows (>= 0.5.14)
      mixlib-shellout
    knife-ec2 (0.16.0)
      fog-aws (~> 1.0)
      knife-windows (~> 1.0)
      mime-types
    knife-google (3.2.0)
      chef (>= 12.0)
      gcewinpass (~> 1.0)
      google-api-client (~> 0.9.0)
      knife-cloud (~> 1.2.0)
    knife-opc (0.3.2)
    knife-push (1.0.3)
      chef (>= 12.7.2)
    knife-spork (1.7.0)
      app_conf (>= 0.4.0)
      chef (>= 11.0.0)
      diffy (>= 3.0.1)
      git (>= 1.2.5)
    knife-windows (1.9.0)
      winrm (~> 2.1)
      winrm-elevated (~> 1.0)
    libyajl2 (1.2.0)
    listen (3.1.5)
      rb-fsevent (~> 0.9, >= 0.9.4)
      rb-inotify (~> 0.9, >= 0.9.7)
      ruby_dep (~> 1.2)
    little-plugger (1.1.4)
    lockfile (2.1.3)
    logging (2.2.2)
      little-plugger (~> 1.1)
      multi_json (~> 1.10)
    logify (0.2.0)
    lumberjack (1.0.12)
    macaddr (1.7.1)
      systemu (~> 2.6.2)
    memoist (0.16.0)
    method_source (0.9.0)
    mime-types (3.1)
      mime-types-data (~> 3.2015)
    mime-types-data (3.2016.0521)
    mini_portile2 (2.3.0)
    minitar (0.5.4)
    minitest (5.10.3)
    mixlib-archive (0.4.1)
      mixlib-log
    mixlib-authentication (1.4.2)
    mixlib-cli (1.7.0)
    mixlib-config (2.2.4)
    mixlib-install (3.8.0)
      mixlib-shellout
      mixlib-versioning
      thor
    mixlib-log (1.7.1)
    mixlib-shellout (2.3.2)
    mixlib-shellout (2.3.2-universal-mingw32)
      win32-process (~> 0.8.2)
      wmi-lite (~> 1.0)
    mixlib-versioning (1.2.2)
    molinillo (0.6.4)
    multi_json (1.12.2)
    multi_test (0.1.2)
    multipart-post (2.0.0)
    nenv (0.3.0)
    net-scp (1.2.1)
      net-ssh (>= 2.6.5)
    net-sftp (2.1.2)
      net-ssh (>= 2.6.5)
    net-ssh (4.1.0)
    net-ssh-gateway (1.3.0)
      net-ssh (>= 2.6.5)
    net-ssh-multi (1.2.1)
      net-ssh (>= 2.6.5)
      net-ssh-gateway (>= 1.2.0)
    net-telnet (0.1.1)
    nio4r (2.1.0)
    nokogiri (1.8.1)
      mini_portile2 (~> 2.3.0)
    nokogiri (1.8.1-x64-mingw32)
      mini_portile2 (~> 2.3.0)
    nokogiri (1.8.1-x86-mingw32)
      mini_portile2 (~> 2.3.0)
    nori (2.6.0)
    notiffany (0.1.1)
      nenv (~> 0.1)
      shellany (~> 0.0)
    octokit (4.7.0)
      sawyer (~> 0.8.0, >= 0.5.3)
    ohai (13.6.0)
      chef-config (>= 12.5.0.alpha.1, < 14)
      ffi (~> 1.9)
      ffi-yajl (~> 2.2)
      ipaddress
      mixlib-cli
      mixlib-config (~> 2.0)
      mixlib-log (>= 1.7.1, < 2.0)
      mixlib-shellout (~> 2.0)
      plist (~> 3.1)
      systemu (~> 2.6.4)
      wmi-lite (~> 1.0)
    opscode-pushy-client (2.3.0)
      chef (>= 12.19, < 14.0)
      ffi-rzmq
      ohai (>= 8.23, < 14.0)
      uuidtools
    os (0.9.6)
    paint (1.0.1)
    parallel (1.12.0)
    parser (2.4.0.2)
      ast (~> 2.3)
    parslet (1.8.0)
    plist (3.3.0)
    polyglot (0.3.5)
    powerpack (0.1.1)
    proxifier (1.0.3)
    pry (0.11.3)
      coderay (~> 1.1.0)
      method_source (~> 0.9.0)
    pry-byebug (3.5.0)
      byebug (~> 9.1)
      pry (~> 0.10)
    pry-remote (0.1.8)
      pry (~> 0.9)
      slop (~> 3.0)
    pry-stack_explorer (0.4.9.2)
      binding_of_caller (>= 0.7)
      pry (>= 0.9.11)
    public_suffix (3.0.1)
    rack (2.0.3)
    rainbow (2.2.2)
      rake
    rake (12.3.0)
    rb-fsevent (0.10.2)
    rb-inotify (0.9.10)
      ffi (>= 0.5.0, < 2)
    rb-readline (0.5.5)
    rdoc (5.1.0)
    rdp-ruby-wmi (0.3.1)
    representable (2.3.0)
      uber (~> 0.0.7)
    resource_kit (0.1.7)
      addressable (>= 2.3.6, < 3.0.0)
    retriable (2.1.0)
    retryable (2.0.4)
    ridley (5.1.1)
      addressable
      buff-config (~> 2.0)
      buff-extensions (~> 2.0)
      buff-ignore (~> 1.2)
      buff-shell_out (~> 1.0)
      celluloid (~> 0.16.0)
      celluloid-io (~> 0.16.1)
      chef-config (>= 12.5.0)
      erubis
      faraday (~> 0.9)
      hashie (>= 2.0.2, < 4.0.0)
      httpclient (~> 2.7)
      json (>= 1.7.7)
      mixlib-authentication (>= 1.3.0)
      retryable (~> 2.0)
      semverse (~> 2.0)
      varia_model (~> 0.6)
    rspec (3.7.0)
      rspec-core (~> 3.7.0)
      rspec-expectations (~> 3.7.0)
      rspec-mocks (~> 3.7.0)
    rspec-core (3.7.0)
      rspec-support (~> 3.7.0)
    rspec-expectations (3.7.0)
      diff-lcs (>= 1.2.0, < 2.0)
      rspec-support (~> 3.7.0)
    rspec-its (1.2.0)
      rspec-core (>= 3.0.0)
      rspec-expectations (>= 3.0.0)
    rspec-mocks (3.7.0)
      diff-lcs (>= 1.2.0, < 2.0)
      rspec-support (~> 3.7.0)
    rspec-support (3.7.0)
    rspec_junit_formatter (0.2.3)
      builder (< 4)
      rspec-core (>= 2, < 4, != 2.12.0)
    rubocop (0.49.1)
      parallel (~> 1.10)
      parser (>= 2.3.3.1, < 3.0)
      powerpack (~> 0.1)
      rainbow (>= 1.99.1, < 3.0)
      ruby-progressbar (~> 1.7)
      unicode-display_width (~> 1.0, >= 1.0.1)
    ruby-prof (0.16.2)
    ruby-progressbar (1.9.0)
    ruby-shadow (2.5.0)
    ruby_dep (1.5.0)
    rubyntlm (0.6.2)
    rubyzip (1.2.1)
    rufus-lru (1.1.0)
    safe_yaml (1.0.4)
    sawyer (0.8.1)
      addressable (>= 2.3.5, < 2.6)
      faraday (~> 0.8, < 1.0)
    semverse (2.0.0)
    serverspec (2.41.3)
      multi_json
      rspec (~> 3.0)
      rspec-its
      specinfra (~> 2.72)
    sfl (2.3)
    shellany (0.0.1)
    signet (0.8.1)
      addressable (~> 2.3)
      faraday (~> 0.9)
      jwt (>= 1.5, < 3.0)
      multi_json (~> 1.10)
    slop (3.6.0)
    solve (4.0.0)
      molinillo (~> 0.6)
      semverse (>= 1.1, < 3.0)
    specinfra (2.72.1)
      net-scp
      net-ssh (>= 2.7, < 5.0)
      net-telnet
      sfl
    sslshake (1.2.0)
    stove (6.0.0)
      chef-api (~> 0.5)
      logify (~> 0.2)
    stuartpreston-azure-sdk-for-ruby (0.7.2)
      json (~> 1.8)
      mime-types (> 1, < 4)
      nokogiri (~> 1.5)
      systemu (~> 2.6)
      uuid (~> 2.0)
    syslog-logger (1.6.8)
    systemu (2.6.5)
    test-kitchen (1.19.0)
      mixlib-install (~> 3.6)
      mixlib-shellout (>= 1.2, < 3.0)
      net-scp (~> 1.1)
      net-ssh (>= 2.9, < 5.0)
      net-ssh-gateway (~> 1.2)
      safe_yaml (~> 1.0)
      thor (~> 0.19, < 0.19.2)
      winrm (~> 2.0)
      winrm-elevated (~> 1.0)
      winrm-fs (~> 1.0.2)
    thor (0.19.1)
    thread_safe (0.3.6)
    timers (4.0.4)
      hitimes
    tomlrb (1.2.6)
    train (0.29.1)
      docker-api (~> 1.26)
      json (>= 1.8, < 3.0)
      mixlib-shellout (~> 2.0)
      net-scp (~> 1.2)
      net-ssh (>= 2.9, < 5.0)
      winrm (~> 2.0)
      winrm-fs (~> 1.0)
    treetop (1.6.8)
      polyglot (~> 0.3)
    tzinfo (1.2.4)
      thread_safe (~> 0.1)
    uber (0.0.15)
    ubuntu_ami (0.4.1)
    unicode-display_width (1.3.0)
    uuid (2.3.8)
      macaddr (~> 1.0)
    uuidtools (2.1.5)
    varia_model (0.6.0)
      buff-extensions (~> 2.0)
      hashie (>= 2.0.2, < 4.0.0)
    virtus (1.0.5)
      axiom-types (~> 0.1)
      coercible (~> 1.0)
      descendants_tracker (~> 0.0, >= 0.0.3)
      equalizer (~> 0.0, >= 0.0.9)
    win32-api (1.5.3-universal-mingw32)
    win32-dir (0.5.1)
      ffi (>= 1.0.0)
    win32-event (0.6.3)
      win32-ipc (>= 0.6.0)
    win32-eventlog (0.6.3)
      ffi
    win32-ipc (0.7.0)
      ffi
    win32-mmap (0.4.2)
      ffi
    win32-mutex (0.4.3)
      win32-ipc (>= 0.6.0)
    win32-process (0.8.3)
      ffi (>= 1.0.0)
    win32-service (0.8.10)
      ffi
      ffi-win32-extensions
    windows-api (0.4.4)
      win32-api (>= 1.4.5)
    windows-pr (1.2.6)
      win32-api (>= 1.4.5)
      windows-api (>= 0.4.0)
    winrm (2.2.3)
      builder (>= 2.1.2)
      erubis (~> 2.7)
      gssapi (~> 1.2)
      gyoku (~> 1.0)
      httpclient (~> 2.2, >= 2.2.0.2)
      logging (>= 1.6.1, < 3.0)
      nori (~> 2.0)
      rubyntlm (~> 0.6.0, >= 0.6.1)
    winrm-elevated (1.1.0)
      winrm (~> 2.0)
      winrm-fs (~> 1.0)
    winrm-fs (1.0.2)
      erubis (~> 2.7)
      logging (>= 1.6.1, < 3.0)
      rubyzip (~> 1.1)
      winrm (~> 2.0)
    wmi-lite (1.0.0)
    yard (0.9.9)

PLATFORMS
  ruby
  x64-mingw32
  x86-mingw32

DEPENDENCIES
  appbundler
  artifactory
  berkshelf (>= 6.3.1)
  bundler
  chef (= 13.6.4)
  chef-dk!
  chef-provisioning (>= 2.4.0)
  chef-provisioning-aws (= 3.0.0.pre.rc2)
  chef-provisioning-azure (>= 0.6.0)
  chef-provisioning-fog (>= 0.26.0)
  chef-sugar
  chef-vault (>= 3.3.0)
  cheffish (>= 13.1.0)
  chefspec (>= 7.1.0)
  chefstyle
  cookstyle (>= 2.0.0)
  cucumber
  dco
  dep-selector-libgecode
  dep_selector
  fauxhai (>= 5.4.0)
  ffi
  ffi-rzmq-core
  foodcritic (>= 12.1)
  guard
  inspec (>= 1.42.3)
  kitchen-digitalocean (>= 0.9.8)
  kitchen-dokken (>= 2.5.0)
  kitchen-ec2 (>= 1.3.2)
  kitchen-google (>= 1.4.0)
  kitchen-hyperv (>= 0.5.1)
  kitchen-inspec (>= 0.19.0)
  kitchen-vagrant (>= 1.2.1)
  knife-ec2 (>= 0.15.0)
  knife-google (>= 3.2.0)
  knife-opc (>= 0.3.2)
  knife-push
  knife-spork
  knife-windows (>= 1.9.0)
  listen
  mixlib-install
  mixlib-versioning
  net-ssh (= 4.1.0)
  nokogiri
  ohai (>= 13.1.0)
  opscode-pushy-client (>= 2.3.0)
  pry
  pry-byebug
  pry-remote
  pry-stack_explorer
  rake
  rb-readline
  rdoc
  rdp-ruby-wmi
  rspec-core (~> 3.0)
  rspec-expectations (~> 3.0)
  rspec-mocks (~> 3.0)
  rubocop
  ruby-prof
  ruby-shadow
  stove
  test-kitchen (>= 1.18.0)
  win32-api
  win32-dir
  win32-event
  win32-mutex
  win32-process (~> 0.8.2)
  win32-service
  windows-api
  windows-pr
  winrm-elevated
  winrm-fs
  yard

BUNDLED WITH
   1.16.0
