GIT
  remote: https://github.com/MsysTechnologiesllc/knife-google.git
  revision: 7687ce75ef8bb2c1726d42a7f711be9a4cbc8934
  branch: ash/upgrade_google-api-client_version
  specs:
    knife-google (3.2.1)
      gcewinpass (~> 1.1)
      google-api-client (~> 0.19.8)
      knife-cloud (~> 1.2.0)

PATH
  remote: .
  specs:
    chef-dk (3.1.4)
      addressable (>= 2.3.5, < 2.6)
      chef (~> 14.0)
      chef-provisioning (~> 2.0)
      cookbook-omnifetch (~> 0.5)
      diff-lcs (~> 1.0)
      ffi-yajl (>= 1.0, < 3.0)
      minitar (~> 0.6)
      mixlib-cli (~> 1.7)
      mixlib-shellout (~> 2.0)
      paint (~> 1.0)
      solve (> 2.0, < 5.0)

GEM
  remote: https://rubygems.org/
  specs:
    activesupport (5.2.0)
      concurrent-ruby (~> 1.0, >= 1.0.2)
      i18n (>= 0.7, < 2)
      minitest (~> 5.1)
      tzinfo (~> 1.1)
    addressable (2.5.2)
      public_suffix (>= 2.0.2, < 4.0)
    app_conf (0.4.2)
    appbundler (0.11.6)
      mixlib-cli (~> 1.4)
      mixlib-shellout (~> 2.0)
    artifactory (2.8.2)
    ast (2.4.0)
    aws-sdk (2.11.96)
      aws-sdk-resources (= 2.11.96)
    aws-sdk-core (2.11.96)
      aws-sigv4 (~> 1.0)
      jmespath (~> 1.0)
    aws-sdk-resources (2.11.96)
      aws-sdk-core (= 2.11.96)
    aws-sigv4 (1.0.3)
    axiom-types (0.1.1)
      descendants_tracker (~> 0.0.4)
      ice_nine (~> 0.11.0)
      thread_safe (~> 0.3, >= 0.3.1)
    azure_mgmt_resources (0.16.0)
      ms_rest_azure (~> 0.10.0)
    backports (3.11.3)
    berkshelf (7.0.4)
      chef (>= 13.6.52)
      chef-config
      cleanroom (~> 1.0)
      concurrent-ruby (~> 1.0)
      minitar (>= 0.6)
      mixlib-archive (~> 0.4)
      mixlib-config (>= 2.2.5)
      mixlib-shellout (~> 2.0)
      octokit (~> 4.0)
      retryable (~> 2.0)
      solve (~> 4.0)
      thor (>= 0.20)
    binding_of_caller (0.8.0)
      debug_inspector (>= 0.0.1)
    builder (3.2.3)
    byebug (10.0.2)
    chef (14.3.37)
      addressable
      bundler (>= 1.10)
      chef-config (= 14.3.37)
      chef-zero (>= 13.0)
      diff-lcs (~> 1.2, >= 1.2.4)
      erubis (~> 2.7)
      ffi (~> 1.9, >= 1.9.25)
      ffi-yajl (~> 2.2)
      highline (~> 1.6, >= 1.6.9)
      iniparse (~> 1.4)
      iso8601 (~> 0.9.1)
      mixlib-archive (~> 0.4)
      mixlib-authentication (~> 2.1)
      mixlib-cli (~> 1.7)
      mixlib-log (~> 2.0, >= 2.0.3)
      mixlib-shellout (~> 2.0)
      net-sftp (~> 2.1, >= 2.1.2)
      net-ssh (~> 4.2)
      net-ssh-multi (~> 1.2, >= 1.2.1)
      ohai (~> 14.0)
      plist (~> 3.2)
      proxifier (~> 1.0)
      rspec-core (~> 3.5)
      rspec-expectations (~> 3.5)
      rspec-mocks (~> 3.5)
      rspec_junit_formatter (~> 0.2.0)
      serverspec (~> 2.7)
      specinfra (~> 2.10)
      syslog-logger (~> 1.6)
      uuidtools (~> 2.1.5)
    chef (14.3.37-universal-mingw32)
      addressable
      bundler (>= 1.10)
      chef-config (= 14.3.37)
      chef-zero (>= 13.0)
      diff-lcs (~> 1.2, >= 1.2.4)
      erubis (~> 2.7)
      ffi (~> 1.9, >= 1.9.25)
      ffi-yajl (~> 2.2)
      highline (~> 1.6, >= 1.6.9)
      iniparse (~> 1.4)
      iso8601 (~> 0.9.1)
      mixlib-archive (~> 0.4)
      mixlib-authentication (~> 2.1)
      mixlib-cli (~> 1.7)
      mixlib-log (~> 2.0, >= 2.0.3)
      mixlib-shellout (~> 2.0)
      net-sftp (~> 2.1, >= 2.1.2)
      net-ssh (~> 4.2)
      net-ssh-multi (~> 1.2, >= 1.2.1)
      ohai (~> 14.0)
      plist (~> 3.2)
      proxifier (~> 1.0)
      rspec-core (~> 3.5)
      rspec-expectations (~> 3.5)
      rspec-mocks (~> 3.5)
      rspec_junit_formatter (~> 0.2.0)
      serverspec (~> 2.7)
      specinfra (~> 2.10)
      syslog-logger (~> 1.6)
      uuidtools (~> 2.1.5)
      win32-api (~> 1.5.3)
      win32-dir (~> 0.5.0)
      win32-event (~> 0.6.1)
      win32-eventlog (= 0.6.3)
      win32-mmap (~> 0.4.1)
      win32-mutex (~> 0.4.2)
      win32-process (~> 0.8.2)
      win32-service (~> 1.0)
      win32-taskscheduler (~> 1.0.0)
      windows-api (~> 0.4.4)
      wmi-lite (~> 1.0)
    chef-api (0.8.0)
      logify (~> 0.1)
      mime-types
    chef-config (14.3.37)
      addressable
      fuzzyurl
      mixlib-config (>= 2.2.12, < 3.0)
      mixlib-shellout (~> 2.0)
      tomlrb (~> 1.2)
    chef-provisioning (2.7.1)
      cheffish (>= 4.0, < 15.0)
      inifile (>= 2.0.2)
      mixlib-install (>= 1.0)
      net-scp (~> 1.0)
      net-ssh (>= 2.9, < 5.0)
      net-ssh-gateway (> 1.2, < 3.0)
      winrm (~> 2.0)
      winrm-elevated (~> 1.0)
      winrm-fs (~> 1.0)
    chef-provisioning-aws (3.0.2)
      aws-sdk (>= 2.2.18, < 3.0)
      chef-provisioning (>= 1.0, < 3.0)
      retryable (~> 2.0, >= 2.0.1)
      ubuntu_ami (~> 0.4, >= 0.4.1)
    chef-provisioning-fog (0.26.1)
      chef-provisioning (>= 1.0, < 3.0)
      cheffish (>= 13.1.0, < 15.0)
      fog-digitalocean
      fog-joyent
      fog-openstack
      fog-rackspace
      fog-scaleway
      fog-softlayer
      fog-xenserver
      retryable
      winrm-elevated
    chef-sugar (4.0.0)
    chef-vault (3.3.0)
    chef-zero (14.0.6)
      ffi-yajl (~> 2.2)
      hashie (>= 2.0, < 4.0)
      mixlib-log (~> 2.0)
      rack (~> 2.0)
      uuidtools (~> 2.1)
    cheffish (14.0.1)
      chef-zero (~> 14.0)
      net-ssh
    chefspec (7.2.1)
      chef (>= 12.14.89)
      fauxhai (>= 4)
      rspec (~> 3.0)
    chefstyle (0.10.0)
      rubocop (= 0.55.0)
    cleanroom (1.0.0)
    coderay (1.1.2)
    coercible (1.0.0)
      descendants_tracker (~> 0.0.1)
    concurrent-ruby (1.0.5)
    cookbook-omnifetch (0.8.0)
      mixlib-archive (~> 0.4)
    cookstyle (3.0.0)
      rubocop (= 0.55.0)
    cucumber (3.1.2)
      builder (>= 2.1.2)
      cucumber-core (~> 3.2.0)
      cucumber-expressions (~> 6.0.1)
      cucumber-wire (~> 0.0.1)
      diff-lcs (~> 1.3)
      gherkin (~> 5.1.0)
      multi_json (>= 1.7.5, < 2.0)
      multi_test (>= 0.1.2)
    cucumber-core (3.2.0)
      backports (>= 3.8.0)
      cucumber-tag_expressions (~> 1.1.0)
      gherkin (>= 5.0.0)
    cucumber-expressions (6.0.1)
    cucumber-tag_expressions (1.1.1)
    cucumber-wire (0.0.1)
    dco (1.0.1)
      git (~> 1.3)
      thor (~> 0.19)
    debug_inspector (0.0.3)
    declarative (0.0.10)
    declarative-option (0.1.0)
    dep-selector-libgecode (1.3.1)
    dep_selector (1.0.6)
      dep-selector-libgecode (~> 1.0)
      ffi (~> 1.9)
    descendants_tracker (0.0.4)
      thread_safe (~> 0.3, >= 0.3.1)
    diff-lcs (1.3)
    diffy (3.2.1)
    digest-crc (0.4.1)
    docker-api (1.34.2)
      excon (>= 0.47.0)
      multi_json
    domain_name (0.5.20180417)
      unf (>= 0.0.5, < 1.0.0)
    droplet_kit (2.3.0)
      activesupport (> 3.0, < 6)
      faraday (~> 0.9)
      kartograph (~> 0.2.3)
      resource_kit (~> 0.1.5)
      virtus (~> 1.0.3)
    equalizer (0.0.11)
    erubis (2.7.0)
    excon (0.62.0)
    faraday (0.15.2)
      multipart-post (>= 1.2, < 3)
    faraday-cookie_jar (0.0.6)
      faraday (>= 0.7.4)
      http-cookie (~> 1.0.0)
    faraday_middleware (0.12.2)
      faraday (>= 0.7.4, < 1.0)
    fauxhai (6.5.0)
      net-ssh
    ffi (1.9.25)
    ffi (1.9.25-x64-mingw32)
    ffi (1.9.25-x86-mingw32)
    ffi-libarchive (0.4.2)
      ffi (~> 1.0)
    ffi-rzmq (2.0.6)
      ffi-rzmq-core (>= 1.0.6)
    ffi-rzmq-core (1.0.6)
      ffi
    ffi-win32-extensions (1.0.3)
      ffi
    ffi-yajl (2.3.1)
      libyajl2 (~> 1.2)
    filesize (0.1.1)
    fog-aws (1.4.1)
      fog-core (~> 1.38)
      fog-json (~> 1.0)
      fog-xml (~> 0.1)
      ipaddress (~> 0.8)
    fog-core (1.45.0)
      builder
      excon (~> 0.58)
      formatador (~> 0.2)
    fog-digitalocean (0.3.0)
      fog-core (~> 1.42)
      fog-json (>= 1.0)
      fog-xml (>= 0.1)
      ipaddress (>= 0.5)
    fog-joyent (0.0.1)
      fog-core (~> 1.42)
      fog-json (>= 1.0)
    fog-json (1.2.0)
      fog-core
      multi_json (~> 1.10)
    fog-openstack (0.1.27)
      fog-core (~> 1.45.0)
      fog-json (>= 1.0)
      ipaddress (>= 0.8)
    fog-rackspace (0.1.5)
      fog-core (>= 1.35)
      fog-json (>= 1.0)
      fog-xml (>= 0.1)
      ipaddress (>= 0.8)
    fog-scaleway (0.5.0)
      fog-core (~> 1.42)
      fog-json (~> 1.0)
    fog-softlayer (1.1.4)
      fog-core
      fog-json
    fog-xenserver (0.3.0)
      fog-core
      fog-xml
    fog-xml (0.1.3)
      fog-core
      nokogiri (>= 1.5.11, < 2.0.0)
    foodcritic (14.0.0)
      cucumber-core (>= 1.3)
      erubis
      ffi-yajl (~> 2.0)
      nokogiri (>= 1.5, < 2.0)
      rake
      rufus-lru (~> 1.0)
      treetop (~> 1.4)
    formatador (0.2.5)
    fuzzyurl (0.9.0)
    gcewinpass (1.1.0)
      google-api-client (~> 0.13)
    gherkin (5.1.0)
    git (1.4.0)
    google-api-client (0.19.8)
      addressable (~> 2.5, >= 2.5.1)
      googleauth (>= 0.5, < 0.7.0)
      httpclient (>= 2.8.1, < 3.0)
      mime-types (~> 3.0)
      representable (~> 3.0)
      retriable (>= 2.0, < 4.0)
    google-cloud (0.51.1)
      google-cloud-bigquery (~> 1.1)
      google-cloud-bigquery-data_transfer (~> 0.1)
      google-cloud-container (~> 0.1)
      google-cloud-dataproc (~> 0.1)
      google-cloud-datastore (~> 1.4)
      google-cloud-dlp (~> 0.1)
      google-cloud-dns (~> 0.28)
      google-cloud-error_reporting (~> 0.30)
      google-cloud-firestore (~> 0.21)
      google-cloud-language (~> 0.30)
      google-cloud-logging (~> 1.5)
      google-cloud-monitoring (~> 0.27)
      google-cloud-os_login (~> 0.1)
      google-cloud-pubsub (~> 0.30)
      google-cloud-resource_manager (~> 0.29)
      google-cloud-spanner (~> 1.3)
      google-cloud-speech (~> 0.29)
      google-cloud-storage (~> 1.10)
      google-cloud-trace (~> 0.31)
      google-cloud-translate (~> 1.2)
      google-cloud-video_intelligence (~> 1.0)
      google-cloud-vision (~> 0.28)
    google-cloud-bigquery (1.5.0)
      concurrent-ruby (~> 1.0)
      google-api-client (~> 0.19.8)
      google-cloud-core (~> 1.2)
      googleauth (~> 0.6.2)
    google-cloud-bigquery-data_transfer (0.1.0)
      google-gax (~> 1.0)
    google-cloud-container (0.1.0)
      google-gax (~> 1.0.1)
    google-cloud-core (1.2.2)
      google-cloud-env (~> 1.0)
    google-cloud-dataproc (0.1.0)
      google-gax (~> 1.0.0)
    google-cloud-datastore (1.4.0)
      google-cloud-core (~> 1.2)
      google-gax (~> 1.0)
      google-protobuf (~> 3.3)
    google-cloud-dlp (0.4.0)
      google-gax (~> 1.0)
    google-cloud-dns (0.28.0)
      google-api-client (~> 0.19.0)
      google-cloud-core (~> 1.2)
      googleauth (~> 0.6.2)
      zonefile (~> 1.04)
    google-cloud-env (1.0.2)
      faraday (~> 0.11)
    google-cloud-error_reporting (0.30.1)
      google-cloud-core (~> 1.2)
      google-gax (~> 1.0)
      stackdriver-core (~> 1.3)
    google-cloud-firestore (0.22.0)
      concurrent-ruby (~> 1.0)
      google-cloud-core (~> 1.2)
      google-gax (~> 1.0)
    google-cloud-language (0.30.0)
      google-gax (~> 1.0)
    google-cloud-logging (1.5.1)
      google-cloud-core (~> 1.2)
      google-gax (~> 1.0)
      stackdriver-core (~> 1.3)
    google-cloud-monitoring (0.28.0)
      google-gax (~> 1.0)
    google-cloud-os_login (0.1.0)
      google-gax (~> 1.0.0)
    google-cloud-pubsub (0.31.0)
      concurrent-ruby (~> 1.0)
      google-cloud-core (~> 1.2)
      google-gax (~> 1.0)
      grpc-google-iam-v1 (~> 0.6.9)
    google-cloud-resource_manager (0.29.0)
      google-api-client (~> 0.19.8)
      google-cloud-core (~> 1.2)
      googleauth (~> 0.6.2)
    google-cloud-spanner (1.6.0)
      concurrent-ruby (~> 1.0)
      google-cloud-core (~> 1.2)
      google-gax (~> 1.0)
      grpc-google-iam-v1 (~> 0.6.9)
    google-cloud-speech (0.30.0)
      google-gax (~> 1.0)
    google-cloud-storage (1.12.0)
      digest-crc (~> 0.4)
      google-api-client (~> 0.19.0)
      google-cloud-core (~> 1.2)
      googleauth (~> 0.6.2)
    google-cloud-trace (0.33.1)
      google-cloud-core (~> 1.2)
      google-gax (~> 1.0)
      stackdriver-core (~> 1.3)
    google-cloud-translate (1.2.0)
      faraday (~> 0.13)
      google-cloud-core (~> 1.2)
      googleauth (~> 0.6.2)
    google-cloud-video_intelligence (1.0.0)
      google-gax (~> 1.0)
    google-cloud-vision (0.29.0)
      google-cloud-core (~> 1.2)
      google-gax (~> 1.0)
    google-gax (1.0.1)
      google-protobuf (~> 3.2)
      googleapis-common-protos (>= 1.3.5, < 2.0)
      googleauth (~> 0.6.2)
      grpc (>= 1.7.2, < 2.0)
      rly (~> 0.2.3)
    google-protobuf (3.6.0)
    google-protobuf (3.6.0-x64-mingw32)
    google-protobuf (3.6.0-x86-mingw32)
    googleapis-common-protos (1.3.7)
      google-protobuf (~> 3.0)
      googleapis-common-protos-types (~> 1.0)
      grpc (~> 1.0)
    googleapis-common-protos-types (1.0.1)
      google-protobuf (~> 3.0)
    googleauth (0.6.2)
      faraday (~> 0.12)
      jwt (>= 1.4, < 3.0)
      logging (~> 2.0)
      memoist (~> 0.12)
      multi_json (~> 1.11)
      os (~> 0.9)
      signet (~> 0.7)
    grpc (1.13.0)
      google-protobuf (~> 3.1)
      googleapis-common-protos-types (~> 1.0.0)
    grpc (1.13.0-x64-mingw32)
      google-protobuf (~> 3.1)
      googleapis-common-protos-types (~> 1.0.0)
    grpc (1.13.0-x86-mingw32)
      google-protobuf (~> 3.1)
      googleapis-common-protos-types (~> 1.0.0)
    grpc-google-iam-v1 (0.6.9)
      googleapis-common-protos (>= 1.3.1, < 2.0)
      grpc (~> 1.0)
    gssapi (1.2.0)
      ffi (>= 1.0.1)
    guard (2.14.2)
      formatador (>= 0.2.4)
      listen (>= 2.7, < 4.0)
      lumberjack (>= 1.0.12, < 2.0)
      nenv (~> 0.1)
      notiffany (~> 0.0)
      pry (>= 0.9.12)
      shellany (~> 0.0)
      thor (>= 0.18.1)
    gyoku (1.3.1)
      builder (>= 2.1.2)
    hashie (3.5.7)
    highline (1.7.10)
    htmlentities (4.3.4)
    http-cookie (1.0.3)
      domain_name (~> 0.5)
    httpclient (2.8.3)
    i18n (1.0.1)
      concurrent-ruby (~> 1.0)
    ice_nine (0.11.2)
    inifile (3.0.0)
    iniparse (1.4.4)
    inspec (2.2.50)
      addressable (~> 2.4)
      faraday (>= 0.9.0)
      faraday_middleware (~> 0.12.2)
      hashie (~> 3.4)
      htmlentities
      json (>= 1.8, < 3.0)
      method_source (~> 0.8)
      mixlib-log
      parallel (~> 1.9)
      parslet (~> 1.5)
      pry (~> 0)
      rspec (~> 3)
      rspec-its (~> 1.2)
      rubyzip (~> 1.1)
      semverse
      sslshake (~> 1.2)
      thor (~> 0.20)
      tomlrb (~> 1.2)
      train (~> 1.4, >= 1.4.15)
    ipaddress (0.8.3)
    iso8601 (0.9.1)
    jmespath (1.4.0)
    json (2.1.0)
    jwt (2.1.0)
    kartograph (0.2.7)
    kitchen-digitalocean (0.10.0)
      droplet_kit (~> 2.3)
      test-kitchen (~> 1.17)
    kitchen-dokken (2.6.7)
      docker-api (~> 1.33)
      lockfile (~> 2.1)
      test-kitchen (~> 1.15)
    kitchen-ec2 (2.2.2)
      aws-sdk (~> 2)
      excon
      multi_json
      retryable (~> 2.0)
      test-kitchen (~> 1.4, >= 1.4.1)
    kitchen-google (1.5.0)
      gcewinpass (~> 1.1)
      google-api-client (~> 0.19)
      test-kitchen
    kitchen-hyperv (0.5.1)
      test-kitchen (~> 1.4)
    kitchen-inspec (0.23.1)
      hashie (~> 3.4)
      inspec (>= 0.34.0, < 3.0.0)
      test-kitchen (~> 1.6)
    kitchen-vagrant (1.3.2)
      test-kitchen (~> 1.4)
    knife-acl (1.0.3)
    knife-cloud (1.2.1)
      chef (>= 0.10.10)
      knife-windows (>= 0.5.14)
      mixlib-shellout
    knife-ec2 (0.18.2)
      fog-aws (~> 1.0)
      knife-windows (~> 1.0)
      mime-types
    knife-opc (0.4.0)
    knife-push (1.0.3)
      chef (>= 12.7.2)
    knife-spork (1.7.1)
      app_conf (>= 0.4.0)
      chef (>= 11.0.0)
      diffy (>= 3.0.1)
      git (>= 1.2.5)
    knife-tidy (1.2.0)
    knife-vsphere (2.1.1)
      chef-vault (>= 2.6.0)
      filesize (~> 0.1.1)
      knife-windows (~> 1.0)
      netaddr (~> 1.5)
      rbvmomi (~> 1.8)
    knife-windows (1.9.1)
      winrm (~> 2.1)
      winrm-elevated (~> 1.0)
    libyajl2 (1.2.0)
    listen (3.1.5)
      rb-fsevent (~> 0.9, >= 0.9.4)
      rb-inotify (~> 0.9, >= 0.9.7)
      ruby_dep (~> 1.2)
    little-plugger (1.1.4)
    lockfile (2.1.3)
    logging (2.2.2)
      little-plugger (~> 1.1)
      multi_json (~> 1.10)
    logify (0.2.0)
    lumberjack (1.0.13)
    memoist (0.16.0)
    method_source (0.9.0)
    mime-types (3.1)
      mime-types-data (~> 3.2015)
    mime-types-data (3.2016.0521)
    mini_portile2 (2.3.0)
    minitar (0.6.1)
    minitest (5.11.3)
    mixlib-archive (0.4.6)
      mixlib-log
    mixlib-authentication (2.1.1)
    mixlib-cli (1.7.0)
    mixlib-config (2.2.13)
      tomlrb
    mixlib-install (3.11.2)
      mixlib-shellout
      mixlib-versioning
      thor
    mixlib-log (2.0.4)
    mixlib-shellout (2.4.0)
    mixlib-shellout (2.4.0-universal-mingw32)
      win32-process (~> 0.8.2)
      wmi-lite (~> 1.0)
    mixlib-versioning (1.2.2)
    molinillo (0.6.5)
    ms_rest (0.7.2)
      concurrent-ruby (~> 1.0)
      faraday (~> 0.9)
      timeliness (~> 0.3)
    ms_rest_azure (0.10.8)
      concurrent-ruby (~> 1.0)
      faraday (~> 0.9)
      faraday-cookie_jar (~> 0.0.6)
      ms_rest (~> 0.7.2)
    multi_json (1.13.1)
    multi_test (0.1.2)
    multipart-post (2.0.0)
    nenv (0.3.0)
    net-scp (1.2.1)
      net-ssh (>= 2.6.5)
    net-sftp (2.1.2)
      net-ssh (>= 2.6.5)
    net-ssh (4.2.0)
    net-ssh-gateway (1.3.0)
      net-ssh (>= 2.6.5)
    net-ssh-multi (1.2.1)
      net-ssh (>= 2.6.5)
      net-ssh-gateway (>= 1.2.0)
    net-telnet (0.2.0)
    netaddr (1.5.1)
    nokogiri (1.8.4)
      mini_portile2 (~> 2.3.0)
    nokogiri (1.8.4-x64-mingw32)
      mini_portile2 (~> 2.3.0)
    nokogiri (1.8.4-x86-mingw32)
      mini_portile2 (~> 2.3.0)
    nori (2.6.0)
    notiffany (0.1.1)
      nenv (~> 0.1)
      shellany (~> 0.0)
    octokit (4.9.0)
      sawyer (~> 0.8.0, >= 0.5.3)
    ohai (14.3.0)
      chef-config (>= 12.8, < 15)
      ffi (~> 1.9)
      ffi-yajl (~> 2.2)
      ipaddress
      mixlib-cli
      mixlib-config (~> 2.0)
      mixlib-log (~> 2.0, >= 2.0.1)
      mixlib-shellout (~> 2.0)
      plist (~> 3.1)
      systemu (~> 2.6.4)
      wmi-lite (~> 1.0)
    opscode-pushy-client (2.4.11)
      chef (>= 12.19, < 15.0)
      ffi-rzmq
      ohai (>= 8.23, < 15.0)
      uuidtools
    os (0.9.6)
    paint (1.0.1)
    parallel (1.12.1)
    parser (2.5.1.2)
      ast (~> 2.4.0)
    parslet (1.8.2)
    plist (3.4.0)
    polyglot (0.3.5)
    powerpack (0.1.2)
    proxifier (1.0.3)
    pry (0.11.3)
      coderay (~> 1.1.0)
      method_source (~> 0.9.0)
    pry-byebug (3.6.0)
      byebug (~> 10.0)
      pry (~> 0.10)
    pry-remote (0.1.8)
      pry (~> 0.9)
      slop (~> 3.0)
    pry-stack_explorer (0.4.9.2)
      binding_of_caller (>= 0.7)
      pry (>= 0.9.11)
    public_suffix (3.0.2)
    rack (2.0.5)
    rainbow (3.0.0)
    rake (12.3.1)
    rb-fsevent (0.10.3)
    rb-inotify (0.9.10)
      ffi (>= 0.5.0, < 2)
    rb-readline (0.5.5)
    rbvmomi (1.13.0)
      builder (~> 3.0)
      json (>= 1.8)
      nokogiri (~> 1.5)
      trollop (~> 2.1)
    rdoc (6.0.4)
    rdp-ruby-wmi (0.3.1)
    representable (3.0.4)
      declarative (< 0.1.0)
      declarative-option (< 0.2.0)
      uber (< 0.2.0)
    resource_kit (0.1.7)
      addressable (>= 2.3.6, < 3.0.0)
    retriable (3.1.2)
    retryable (2.0.4)
    rly (0.2.3)
    rspec (3.7.0)
      rspec-core (~> 3.7.0)
      rspec-expectations (~> 3.7.0)
      rspec-mocks (~> 3.7.0)
    rspec-core (3.7.1)
      rspec-support (~> 3.7.0)
    rspec-expectations (3.7.0)
      diff-lcs (>= 1.2.0, < 2.0)
      rspec-support (~> 3.7.0)
    rspec-its (1.2.0)
      rspec-core (>= 3.0.0)
      rspec-expectations (>= 3.0.0)
    rspec-mocks (3.7.0)
      diff-lcs (>= 1.2.0, < 2.0)
      rspec-support (~> 3.7.0)
    rspec-support (3.7.1)
    rspec_junit_formatter (0.2.3)
      builder (< 4)
      rspec-core (>= 2, < 4, != 2.12.0)
    rubocop (0.55.0)
      parallel (~> 1.10)
      parser (>= 2.5)
      powerpack (~> 0.1)
      rainbow (>= 2.2.2, < 4.0)
      ruby-progressbar (~> 1.7)
      unicode-display_width (~> 1.0, >= 1.0.1)
    ruby-prof (0.17.0)
    ruby-progressbar (1.9.0)
    ruby-shadow (2.5.0)
    ruby_dep (1.5.0)
    rubyntlm (0.6.2)
    rubyzip (1.2.1)
    rufus-lru (1.1.0)
    sawyer (0.8.1)
      addressable (>= 2.3.5, < 2.6)
      faraday (~> 0.8, < 1.0)
    semverse (2.0.0)
    serverspec (2.41.3)
      multi_json
      rspec (~> 3.0)
      rspec-its
      specinfra (~> 2.72)
    sfl (2.3)
    shellany (0.0.1)
    signet (0.8.1)
      addressable (~> 2.3)
      faraday (~> 0.9)
      jwt (>= 1.5, < 3.0)
      multi_json (~> 1.10)
    slop (3.6.0)
    solve (4.0.0)
      molinillo (~> 0.6)
      semverse (>= 1.1, < 3.0)
    specinfra (2.75.0)
      net-scp
      net-ssh (>= 2.7)
      net-telnet
      sfl
    sslshake (1.2.0)
    stackdriver-core (1.3.0)
      google-cloud-core (~> 1.2)
    stove (6.0.0)
      chef-api (~> 0.5)
      logify (~> 0.2)
    structured_warnings (0.3.0)
    syslog-logger (1.6.8)
    systemu (2.6.5)
    test-kitchen (1.22.0)
      mixlib-install (~> 3.6)
      mixlib-shellout (>= 1.2, < 3.0)
      net-scp (~> 1.1)
      net-ssh (>= 2.9, < 5.0)
      net-ssh-gateway (~> 1.2)
      thor (~> 0.19)
      winrm (~> 2.0)
      winrm-elevated (~> 1.0)
      winrm-fs (~> 1.1)
    thor (0.20.0)
    thread_safe (0.3.6)
    timeliness (0.3.8)
    tomlrb (1.2.7)
    train (1.4.24)
      aws-sdk (~> 2)
      azure_mgmt_resources (~> 0.15)
      docker-api (~> 1.26)
      google-api-client (~> 0.19.8)
      google-cloud (~> 0.51.1)
      googleauth (~> 0.6.2)
      inifile
      json (>= 1.8, < 3.0)
      mixlib-shellout (~> 2.0)
      net-scp (~> 1.2)
      net-ssh (>= 2.9, < 5.0)
      winrm (~> 2.0)
      winrm-fs (~> 1.0)
    treetop (1.6.10)
      polyglot (~> 0.3)
    trollop (2.1.3)
    tzinfo (1.2.5)
      thread_safe (~> 0.1)
    uber (0.1.0)
    ubuntu_ami (0.4.1)
    unf (0.1.4)
      unf_ext
    unf_ext (0.0.7.5)
    unf_ext (0.0.7.5-x64-mingw32)
    unf_ext (0.0.7.5-x86-mingw32)
    unicode-display_width (1.4.0)
    uuidtools (2.1.5)
    virtus (1.0.5)
      axiom-types (~> 0.1)
      coercible (~> 1.0)
      descendants_tracker (~> 0.0, >= 0.0.3)
      equalizer (~> 0.0, >= 0.0.9)
    win32-api (1.5.3-universal-mingw32)
    win32-dir (0.5.1)
      ffi (>= 1.0.0)
    win32-event (0.6.3)
      win32-ipc (>= 0.6.0)
    win32-eventlog (0.6.3)
      ffi
    win32-ipc (0.7.0)
      ffi
    win32-mmap (0.4.2)
      ffi
    win32-mutex (0.4.3)
      win32-ipc (>= 0.6.0)
    win32-process (0.8.3)
      ffi (>= 1.0.0)
    win32-service (1.0.1)
      ffi
      ffi-win32-extensions
    win32-taskscheduler (1.0.10)
      ffi
      structured_warnings
    windows-api (0.4.4)
      win32-api (>= 1.4.5)
    windows-pr (1.2.6)
      win32-api (>= 1.4.5)
      windows-api (>= 0.4.0)
    winrm (2.2.3)
      builder (>= 2.1.2)
      erubis (~> 2.7)
      gssapi (~> 1.2)
      gyoku (~> 1.0)
      httpclient (~> 2.2, >= 2.2.0.2)
      logging (>= 1.6.1, < 3.0)
      nori (~> 2.0)
      rubyntlm (~> 0.6.0, >= 0.6.1)
    winrm-elevated (1.1.0)
      winrm (~> 2.0)
      winrm-fs (~> 1.0)
    winrm-fs (1.2.0)
      erubis (~> 2.7)
      logging (>= 1.6.1, < 3.0)
      rubyzip (~> 1.1)
      winrm (~> 2.0)
    wmi-lite (1.0.0)
    yard (0.9.15)
    zonefile (1.06)

PLATFORMS
  ruby
  x64-mingw32
  x86-mingw32

DEPENDENCIES
  appbundler
  artifactory
  berkshelf (>= 7.0)
  bundler
  chef (= 14.3.37)
  chef-dk!
  chef-provisioning (>= 2.7.1)
  chef-provisioning-aws (>= 3.0.2)
  chef-provisioning-fog (>= 0.26.1)
  chef-sugar
  chef-vault (>= 3.3.0)
  cheffish (>= 14.0.1)
  chefspec (>= 7.2.0)
  chefstyle
  cookstyle (>= 2.0.0)
  cucumber
  dco
  dep-selector-libgecode
  dep_selector
  fauxhai (>= 5.4.0)
  ffi-libarchive
  ffi-rzmq-core
  foodcritic (>= 12.1)
  guard
  inspec (>= 2.1.68)
  kitchen-digitalocean (>= 0.9.8)
  kitchen-dokken (>= 2.6.7)
  kitchen-ec2 (>= 2.2.1)
  kitchen-google (>= 1.5.0)
  kitchen-hyperv (>= 0.5.1)
  kitchen-inspec (>= 0.19.0)
  kitchen-vagrant (>= 1.3.2)
  knife-acl (>= 1.0.3)
  knife-ec2 (>= 0.15.0)
  knife-google!
  knife-opc (>= 0.3.2)
  knife-push
  knife-spork
  knife-tidy (>= 0.2.1)
  knife-vsphere (>= 2.0.3)
  knife-windows (>= 1.9.0)
  listen
  mixlib-archive (= 0.4.6)
  mixlib-install
  mixlib-versioning
  net-ssh (>= 4.2.0)
  nokogiri
  ohai (>= 14.0.29)
  opscode-pushy-client (>= 2.4.11)
  pry
  pry-byebug
  pry-remote
  pry-stack_explorer
  rake
  rb-readline
  rdoc
  rdp-ruby-wmi
  rspec-core (~> 3.0)
  rspec-expectations (~> 3.0)
  rspec-mocks (~> 3.0)
  rubocop
  ruby-prof
  ruby-shadow
  stove
  test-kitchen (>= 1.21.1)
  win32-api
  win32-dir
  win32-event
  win32-mutex
  win32-process (~> 0.8.2)
  win32-service
  windows-api
  windows-pr
  winrm-elevated
  winrm-fs
  yard

BUNDLED WITH
   1.16.2
