GIT
  remote: https://github.com/chef/omnibus-software.git
  revision: f5fd1fb549e6b01bf73f40f87d88b09f1b13be9d
  branch: sersut/ff-ksubrama/ruby23
  specs:
    omnibus-software (4.0.0)
      chef-sugar (>= 3.4.0)
      omnibus (>= 5.5.0)

GIT
  remote: https://github.com/chef/omnibus.git
  revision: 96d4695285c9530ff3b6b8160bc46e3ac6b19dd0
  branch: sersut/ff-ksubrama/gcc_investigate
  specs:
    omnibus (5.5.0)
      aws-sdk (~> 2)
      chef-sugar (~> 3.3)
      cleanroom (~> 1.0)
      ffi-yajl (~> 2.2)
      license_scout
      mixlib-shellout (~> 2.0)
      mixlib-versioning
      ohai (~> 8.0)
      ruby-progressbar (~> 1.7)
      thor (~> 0.18)

GIT
  remote: https://github.com/ksubrama/pedump.git
  revision: b4319556e18c80d2cba064ffe57fe0dea549dfe2
  branch: patch-1
  specs:
    pedump (0.5.0)
      awesome_print
      iostruct (>= 0.0.4)
      multipart-post (~> 1.2)
      progressbar
      zhexdump (>= 0.0.2)

GEM
  remote: https://rubygems.org/
  specs:
    addressable (2.4.0)
    artifactory (2.3.3)
    awesome_print (1.7.0)
    aws-sdk (2.5.10)
      aws-sdk-resources (= 2.5.10)
    aws-sdk-core (2.5.10)
      jmespath (~> 1.0)
    aws-sdk-resources (2.5.10)
      aws-sdk-core (= 2.5.10)
    berkshelf (5.0.0)
      addressable (~> 2.3, >= 2.3.4)
      berkshelf-api-client (>= 2.0.2, < 4.0)
      buff-config (~> 2.0)
      buff-extensions (~> 2.0)
      buff-shell_out (~> 0.1)
      cleanroom (~> 1.0)
      faraday (~> 0.9)
      httpclient (~> 2.7)
      minitar (~> 0.5, >= 0.5.4)
      mixlib-archive (~> 0.1)
      octokit (~> 4.0)
      retryable (~> 2.0)
      ridley (~> 5.0)
      solve (> 2.0, < 4.0)
      thor (~> 0.19)
    berkshelf-api-client (3.0.0)
      faraday (~> 0.9)
      httpclient (~> 2.7)
      ridley (>= 4.5, < 6.0)
    buff-config (2.0.0)
      buff-extensions (~> 2.0)
      varia_model (~> 0.6)
    buff-extensions (2.0.0)
    buff-ignore (1.2.0)
    buff-ruby_engine (0.1.0)
    buff-shell_out (0.2.0)
      buff-ruby_engine (~> 0.1.0)
    builder (3.2.2)
    celluloid (0.16.0)
      timers (~> 4.0.0)
    celluloid-io (0.16.2)
      celluloid (>= 0.16.0)
      nio4r (>= 1.1.0)
    chef-config (12.13.37)
      fuzzyurl
      mixlib-config (~> 2.0)
      mixlib-shellout (~> 2.0)
    chef-sugar (3.4.0)
    cleanroom (1.0.0)
    erubis (2.7.0)
    faraday (0.9.2)
      multipart-post (>= 1.2, < 3)
    ffi (1.9.14)
    ffi (1.9.14-x86-mingw32)
    ffi-yajl (2.3.0)
      libyajl2 (~> 1.2)
    fuzzyurl (0.9.0)
    gssapi (1.2.0)
      ffi (>= 1.0.1)
    gyoku (1.3.1)
      builder (>= 2.1.2)
    hashie (3.4.4)
    hitimes (1.2.4)
    hitimes (1.2.4-x86-mingw32)
    httpclient (2.8.2.3)
    iostruct (0.0.4)
    ipaddress (0.8.3)
    jmespath (1.3.1)
    json (2.0.2)
    kitchen-vagrant (0.20.0)
      test-kitchen (~> 1.4)
    libyajl2 (1.2.0)
    license_scout (0.1.2)
      ffi-yajl (~> 2.2)
      mixlib-shellout (~> 2.2)
    little-plugger (1.1.4)
    logging (2.1.0)
      little-plugger (~> 1.1)
      multi_json (~> 1.10)
    minitar (0.5.4)
    mixlib-archive (0.2.0)
      mixlib-log
    mixlib-authentication (1.4.1)
      mixlib-log
    mixlib-cli (1.7.0)
    mixlib-config (2.2.4)
    mixlib-install (1.1.0)
      artifactory
      mixlib-shellout
      mixlib-versioning
    mixlib-log (1.7.1)
    mixlib-shellout (2.2.7)
    mixlib-shellout (2.2.7-universal-mingw32)
      win32-process (~> 0.8.2)
      wmi-lite (~> 1.0)
    mixlib-versioning (1.1.0)
    molinillo (0.5.0)
    multi_json (1.12.1)
    multipart-post (1.2.0)
    net-scp (1.2.1)
      net-ssh (>= 2.6.5)
    net-ssh (3.2.0)
    net-ssh-gateway (1.2.0)
      net-ssh (>= 2.6.5)
    nio4r (1.2.1)
    nori (2.6.0)
    octokit (4.3.0)
      sawyer (~> 0.7.0, >= 0.5.3)
    ohai (8.20.0)
      chef-config (>= 12.5.0.alpha.1, < 13)
      ffi (~> 1.9)
      ffi-yajl (~> 2.2)
      ipaddress
      mixlib-cli
      mixlib-config (~> 2.0)
      mixlib-log (>= 1.7.1, < 2.0)
      mixlib-shellout (~> 2.0)
      plist (~> 3.1)
      systemu (~> 2.6.4)
      wmi-lite (~> 1.0)
    plist (3.2.0)
    progressbar (0.21.0)
    retryable (2.0.4)
    ridley (5.0.0)
      addressable
      buff-config (~> 2.0)
      buff-extensions (~> 2.0)
      buff-ignore (~> 1.2)
      buff-shell_out (~> 0.1)
      celluloid (~> 0.16.0)
      celluloid-io (~> 0.16.1)
      chef-config (>= 12.5.0)
      erubis
      faraday (~> 0.9.0)
      hashie (>= 2.0.2, < 4.0.0)
      httpclient (~> 2.7)
      json (>= 1.7.7)
      mixlib-authentication (>= 1.3.0)
      retryable (~> 2.0)
      semverse (~> 2.0)
      varia_model (~> 0.6)
    rspec-core (3.4.4)
      rspec-support (~> 3.4.0)
    rspec-support (3.4.1)
    ruby-progressbar (1.8.1)
    rubyntlm (0.6.0)
    rubyzip (1.2.0)
    safe_yaml (1.0.4)
    sawyer (0.7.0)
      addressable (>= 2.3.5, < 2.5)
      faraday (~> 0.8, < 0.10)
    semverse (2.0.0)
    solve (3.0.1)
      molinillo (~> 0.4)
      semverse (>= 1.1, < 3.0)
    systemu (2.6.5)
    test-kitchen (1.12.0)
      mixlib-install (~> 1.0, >= 1.0.4)
      mixlib-shellout (>= 1.2, < 3.0)
      net-scp (~> 1.1)
      net-ssh (>= 2.9, < 4.0)
      net-ssh-gateway (~> 1.2.0)
      safe_yaml (~> 1.0)
      thor (~> 0.18)
    thor (0.19.1)
    timers (4.0.4)
      hitimes
    varia_model (0.6.0)
      buff-extensions (~> 2.0)
      hashie (>= 2.0.2, < 4.0.0)
    win32-process (0.8.3)
      ffi (>= 1.0.0)
    winrm (1.8.1)
      builder (>= 2.1.2)
      gssapi (~> 1.2)
      gyoku (~> 1.0)
      httpclient (~> 2.2, >= 2.2.0.2)
      logging (>= 1.6.1, < 3.0)
      nori (~> 2.0)
      rubyntlm (~> 0.6.0)
    winrm-elevated (0.4.0)
      winrm (~> 1.5)
      winrm-fs (~> 0.4.2)
    winrm-fs (0.4.3)
      erubis (~> 2.7)
      logging (>= 1.6.1, < 3.0)
      rubyzip (~> 1.1)
      winrm (~> 1.5)
    wmi-lite (1.0.0)
    zhexdump (0.0.2)

PLATFORMS
  ruby
  x86-mingw32

DEPENDENCIES
  berkshelf
  kitchen-vagrant
  omnibus!
  omnibus-software!
  pedump!
  rspec-core (= 3.4.4)
  test-kitchen
  winrm-elevated (< 1.0)

BUNDLED WITH
   1.12.5
